PATH
  remote: .
  specs:
    alacit (0.0.2)

GEM
  remote: http://rubygems.org/
  specs:
    rake (0.9.2.2)

PLATFORMS
  ruby

DEPENDENCIES
  alacit!
  rake
